NUGET
  remote: https://nuget.org/api/v2
  specs:
    angularjs (1.4.8)
    Colourful (1.1.0)
    DotLiquid (1.8.0)
    FAKE (4.10.3)
    FSharp.Compiler.Service (1.4.2.1)
    FSharp.Control.AsyncSeq (2.0.3)
    FSharp.Core (4.0.0.1)
    FSharp.Data (2.2.5)
      Zlib.Portable (>= 1.10.0) - framework: portable-net40+sl50+wp80+win80
    FSharp.Formatting (2.10.0)
      FSharp.Compiler.Service (>= 0.0.87)
      FSharpVSPowerTools.Core (1.8.0)
    FSharpVSPowerTools.Core (1.8.0)
      FSharp.Compiler.Service (>= 0.0.87)
    FSharpx.Async (1.12.0)
      FSharp.Control.AsyncSeq
    FSharpx.Collections (1.13.4)
      FSharp.Core (>= 3.0.0)
    FSharpx.Extras (1.10.3)
      FSharpx.Async (>= 1.12)
      FSharpx.Collections (>= 1.10.1)
    Microsoft.TypeScript.Compiler (1.5)
    Newtonsoft.Json (7.0.1)
    Suave (0.33.0)
      FSharp.Core (>= 3.1.2.5)
    Topshelf (3.3.0)
    Topshelf.FSharp (2.1.0)
      Topshelf (>= 3.2.0)
    Zlib.Portable (1.11.0) - framework: portable-net40+sl50+wp80+win80
GITHUB
  remote: borisyankov/DefinitelyTyped
  specs:
    angularjs/angular.d.ts (e5a27ea95e47b95333784f1f0d590127b4e39a89)
    jquery/jquery.d.ts (e5a27ea95e47b95333784f1f0d590127b4e39a89)