NUGET
  remote: https://nuget.org/api/v2
  specs:
    angularjs (1.4.2)
    Colourful (1.1.0)
    DotLiquid (1.8.0)
    FAKE (3.35.5)
    FSharp.Compiler.Service (0.0.90)
    FSharp.Control.AsyncSeq (2.0.1)
    FSharp.Core (3.1.2.1)
    FSharp.Data (2.2.3)
      Zlib.Portable (>= 1.10.0) - framework: portable-net40+sl50+wp80+win80
    FSharp.Formatting (2.9.10)
      FSharp.Compiler.Service (>= 0.0.87)
      FSharpVSPowerTools.Core (1.8.0)
    FSharpVSPowerTools.Core (1.8.0)
      FSharp.Compiler.Service (>= 0.0.87)
    FSharpx.Async (1.12.0)
      FSharp.Control.AsyncSeq
    FSharpx.Collections (1.11.0)
      FSharp.Core
    FSharpx.Extras (1.10.2)
      FSharpx.Async (>= 1.12)
      FSharpx.Collections (>= 1.10.1)
    FsPickler (1.2.10)
    Microsoft.TypeScript.Compiler (1.4)
    Newtonsoft.Json (7.0.1)
    Suave (0.29.1)
      FSharp.Core (>= 3.1.2.1)
      FsPickler (>= 1.2.5)
    Suave.DotLiquid (0.29.1)
      DotLiquid (>= 1.8.0)
      Suave (>= 0.29.1)
    Zlib.Portable (1.11.0) - framework: portable-net40+sl50+wp80+win80
GITHUB
  remote: borisyankov/DefinitelyTyped
  specs:
    angularjs/angular.d.ts (9a4ddc59cda450fd34690df34b12e0c406399413)
    jquery/jquery.d.ts (9a4ddc59cda450fd34690df34b12e0c406399413)